GEM
  remote: https://rubygems.org/
  specs:
    ffi (1.9.10-x64-mingw32)
    mini_portile (0.6.2)
    nokogiri (1.6.6.2-x64-mingw32)
      mini_portile (~> 0.6.0)
    win32-dir (0.5.0)
      ffi (>= 1.0.0)

PLATFORMS
  x64-mingw32

DEPENDENCIES
  nokogiri
  win32-dir
